GEM
  remote: http://rubygems.org/
  specs:
    json (1.6.1)

PLATFORMS
  ruby

DEPENDENCIES
  json
